GEM
  remote: http://rubygems.org/
  specs:
    diff-lcs (1.1.3)
    growl (1.0.3)
    guard (0.8.8)
      thor (~> 0.14.6)
    guard-rspec (0.5.1)
      guard (>= 0.8.4)
    guard-spork (0.3.1)
      guard (>= 0.8.4)
      spork (>= 0.8.4)
    mock_redis (0.2.0)
    nest (1.1.0)
      redis (~> 2.1)
    ohm (0.1.3)
      nest (~> 1.0)
    redis (2.2.2)
    rspec (2.7.0)
      rspec-core (~> 2.7.0)
      rspec-expectations (~> 2.7.0)
      rspec-mocks (~> 2.7.0)
    rspec-core (2.7.1)
    rspec-expectations (2.7.0)
      diff-lcs (~> 1.1.2)
    rspec-mocks (2.7.0)
    spork (0.8.5)
    thor (0.14.6)

PLATFORMS
  ruby

DEPENDENCIES
  growl (= 1.0.3)
  guard (= 0.8.8)
  guard-rspec (= 0.5.1)
  guard-spork (= 0.3.1)
  mock_redis (= 0.2.0)
  ohm (= 0.1.3)
  redis (= 2.2.2)
  rspec (= 2.7.0)
